GEM
  remote: https://rubygems.org/
  specs:
    connection_pool (2.5.0)
    json (2.10.2)
    logger (1.6.6)
    rack (3.1.14)
    redis-client (0.24.0)
      connection_pool
    sidekiq (8.0.1)
      connection_pool (>= 2.5.0)
      json (>= 2.9.0)
      logger (>= 1.6.2)
      rack (>= 3.1.0)
      redis-client (>= 0.23.2)

PLATFORMS
  x86_64-darwin-22
  x86_64-linux

DEPENDENCIES
  sidekiq

BUNDLED WITH
   2.4.12
